PATH
  remote: .
  specs:
    shoulda-context (1.0.0.beta1)

GEM
  remote: http://rubygems.org/
  specs:
    mocha (0.9.12)
    rake (0.9.2.2)
    test-unit (2.4.0)

PLATFORMS
  ruby

DEPENDENCIES
  mocha (~> 0.9.10)
  rake
  shoulda-context!
  test-unit (~> 2.0)
